GIT
  remote: git://github.com/chetan/jeweler.git
  revision: b1f048d0ee6bc9febbcadb52b75b77e734782eb4
  branch: bixby
  specs:
    jeweler (2.0.1)
      builder
      bundler (>= 1.0)
      git (>= 1.2.5)
      github_api
      highline (>= 1.6.15)
      nokogiri (>= 1.5.10)
      rake
      rdoc

GIT
  remote: git://github.com/chetan/micron.git
  revision: 17e46aaf88e16870fa4ac0374016434823c2c46e
  specs:
    micron (0.5.0)
      ansi
      easycov
      hitimes

GIT
  remote: git://github.com/chetan/test_guard.git
  revision: 178e47e2e57dc83060d6cabc18f206916b9d02f2
  specs:
    test_guard (0.2.1)
      awesome_print
      easycov
      growl
      listen
      simplecov
      simplecov-console

PATH
  remote: .
  specs:
    bixby-provision (0.0.0)

GEM
  remote: https://rubygems.org/
  specs:
    addressable (2.3.6)
    ansi (1.4.3)
    atomic (1.1.16)
    awesome_print (1.2.0)
    builder (3.2.2)
    celluloid (0.15.2)
      timers (~> 1.1.0)
    celluloid-io (0.15.0)
      celluloid (>= 0.15.0)
      nio4r (>= 0.5.0)
    coderay (1.1.0)
    colorize (0.7.0)
    descendants_tracker (0.0.4)
      thread_safe (~> 0.3, >= 0.3.1)
    docile (1.1.3)
    easycov (0.4.0)
      multi_json
      simplecov
      simplecov-console
      simplecov-html
    faraday (0.9.0)
      multipart-post (>= 1.2, < 3)
    ffi (1.9.3)
    git (1.2.6)
    github_api (0.11.3)
      addressable (~> 2.3)
      descendants_tracker (~> 0.0.1)
      faraday (~> 0.8, < 0.10)
      hashie (>= 1.2)
      multi_json (>= 1.7.5, < 2.0)
      nokogiri (~> 1.6.0)
      oauth2
    growl (1.0.3)
    hashie (2.0.5)
    highline (1.6.21)
    hirb (0.7.1)
    hitimes (1.2.1)
    json (1.8.1)
    jwt (0.1.11)
      multi_json (>= 1.5)
    listen (2.7.1)
      celluloid (>= 0.15.2)
      celluloid-io (>= 0.15.0)
      rb-fsevent (>= 0.9.3)
      rb-inotify (>= 0.9)
    method_source (0.8.2)
    mini_portile (0.5.3)
    multi_json (1.9.2)
    multi_xml (0.5.5)
    multipart-post (2.0.0)
    nio4r (1.0.0)
    nokogiri (1.6.1)
      mini_portile (~> 0.5.0)
    oauth2 (0.9.3)
      faraday (>= 0.8, < 0.10)
      jwt (~> 0.1.8)
      multi_json (~> 1.3)
      multi_xml (~> 0.5)
      rack (~> 1.2)
    pry (0.9.12.6)
      coderay (~> 1.0)
      method_source (~> 0.8)
      slop (~> 3.4)
    rack (1.5.2)
    rake (10.2.2)
    rb-fsevent (0.9.4)
    rb-inotify (0.9.3)
      ffi (>= 0.5.0)
    rdoc (4.1.1)
      json (~> 1.4)
    simplecov (0.8.2)
      docile (~> 1.1.0)
      multi_json
      simplecov-html (~> 0.8.0)
    simplecov-console (0.1.3)
      colorize
      hirb
      simplecov
    simplecov-html (0.8.0)
    slop (3.5.0)
    thread_safe (0.3.1)
      atomic (>= 1.1.7, < 2)
    timers (1.1.0)
    yard (0.8.7.4)

PLATFORMS
  ruby

DEPENDENCIES
  awesome_print
  bixby-provision!
  jeweler!
  micron!
  pry
  test_guard!
  yard (~> 0.7)
